GEM
  remote: https://rubygems.org/
  specs:
    ffi (1.14.2)
    ffi-aspell (1.1.0)
      ffi
    pastel (0.8.0)
      tty-color (~> 0.5)
    set (1.0.1)
    tty-color (0.6.0)
    tty-cursor (0.7.1)
    tty-prompt (0.23.0)
      pastel (~> 0.8)
      tty-reader (~> 0.8)
    tty-reader (0.9.0)
      tty-cursor (~> 0.7)
      tty-screen (~> 0.8)
      wisper (~> 2.0)
    tty-screen (0.8.1)
    wisper (2.0.1)
    yaml (0.1.1)

PLATFORMS
  ruby

DEPENDENCIES
  ffi-aspell
  set
  tty-prompt
  yaml

BUNDLED WITH
   2.1.2
